PATH
  remote: .
  specs:
    calatrava (0.6.5)
      cucumber (~> 1.2.1)
      haml (~> 3.1.7)
      mustache (~> 0.99.4)
      rake (>= 0.9.5)
      sass (~> 3.2.3)
      thor (~> 0.16.0)
      watir-webdriver (~> 0.6.1)

GEM
  remote: https://rubygems.org/
  specs:
    aruba (0.5.1)
      childprocess (~> 0.3.6)
      cucumber (>= 1.1.1)
      rspec-expectations (>= 2.7.0)
    builder (3.1.4)
    childprocess (0.3.6)
      ffi (~> 1.0, >= 1.0.6)
    cucumber (1.2.1)
      builder (>= 2.1.2)
      diff-lcs (>= 1.1.3)
      gherkin (~> 2.11.0)
      json (>= 1.4.6)
    diff-lcs (1.1.3)
    ffi (1.2.0)
    gherkin (2.11.5)
      json (>= 1.4.6)
    haml (3.1.8)
    json (1.7.5)
    multi_json (1.7.3)
    mustache (0.99.4)
    rake (10.0.4)
    rspec (2.12.0)
      rspec-core (~> 2.12.0)
      rspec-expectations (~> 2.12.0)
      rspec-mocks (~> 2.12.0)
    rspec-core (2.12.0)
    rspec-expectations (2.12.0)
      diff-lcs (~> 1.1.3)
    rspec-mocks (2.12.0)
    rubyzip (0.9.9)
    sass (3.2.9)
    selenium-webdriver (2.32.1)
      childprocess (>= 0.2.5)
      multi_json (~> 1.0)
      rubyzip
      websocket (~> 1.0.4)
    thor (0.16.0)
    watir-webdriver (0.6.4)
      selenium-webdriver (>= 2.18.0)
    websocket (1.0.7)

PLATFORMS
  ruby

DEPENDENCIES
  aruba
  calatrava!
  rspec
